PATH
  remote: .
  specs:
    maestro_shell (0.0.1)
      json (>= 1.4.6)
      logging (= 1.8.0)
      rubyzip (= 0.9.8)

GEM
  remote: https://rubygems.org/
  specs:
    diff-lcs (1.2.4)
    json (1.8.0)
    json (1.8.0-java)
    little-plugger (1.1.3)
    logging (1.8.0)
      little-plugger (>= 1.1.3)
      multi_json (>= 1.3.6)
    metaclass (0.0.1)
    mocha (0.14.0)
      metaclass (~> 0.0.1)
    multi_json (1.7.7)
    rake (10.0.4)
    rspec (2.13.0)
      rspec-core (~> 2.13.0)
      rspec-expectations (~> 2.13.0)
      rspec-mocks (~> 2.13.0)
    rspec-core (2.13.1)
    rspec-expectations (2.13.0)
      diff-lcs (>= 1.1.3, < 2.0)
    rspec-mocks (2.13.1)
    rubyzip (0.9.8)

PLATFORMS
  java
  ruby

DEPENDENCIES
  bundler (~> 1.3)
  maestro_shell!
  mocha (>= 0.10.0)
  rake
  rspec (~> 2.13.0)
